GEM
  remote: https://rubygems.org/
  specs:
    ansi (1.5.0)
    builder (3.2.2)
    little-plugger (1.1.4)
    logging (2.0.0)
      little-plugger (~> 1.1)
      multi_json (~> 1.10)
    minitest (5.4.1)
    minitest-reporters (1.0.19)
      ansi
      builder
      minitest (>= 5.0)
      ruby-progressbar
    multi_json (1.11.2)
    ruby-progressbar (1.7.5)
    stomp (1.3.4)
    tdl-client-ruby (0.0.3)
      logging (= 2.0.0)
      stomp (= 1.3.4)

PLATFORMS
  java

DEPENDENCIES
  minitest (= 5.4.1)
  minitest-reporters (~> 1.0, >= 1.0.19)
  tdl-client-ruby (~> 0.0.3)

BUNDLED WITH
   1.10.5
